GEM
  remote: http://rubygems.org/
  specs:
    nokogiri (1.5.0)
    rack (1.4.1)
    sinatra (1.1.0)
      rack (~> 1.1)
      tilt (~> 1.1)
    tilt (1.3.3)

PLATFORMS
  ruby

DEPENDENCIES
  nokogiri
  sinatra (= 1.1.0)
